GEM
  remote: https://rubygems.org/
  remote: http://gems.github.com/
  specs:
    activesupport (3.2.13)
      i18n (= 0.6.1)
      multi_json (~> 1.0)
    bitly (0.9.0)
      httparty (>= 0.7.6)
      multi_json (~> 1.3)
      oauth2 (>= 0.5.0, < 0.9)
    blankslate (3.1.2)
    calc (1.0.0)
    cinch (2.0.4)
    clockwork (0.5.2)
      activesupport
      tzinfo (~> 0.3.35)
    coderay (1.0.9)
    diff-lcs (1.2.2)
    distribution (0.7.0)
    faraday (0.8.7)
      multipart-post (~> 1.1)
    ffi (1.9.0)
    gist (4.0.3)
      json
    httparty (0.11.0)
      multi_json (~> 1.0)
      multi_xml (>= 0.5.2)
    httpauth (0.2.0)
    i18n (0.6.1)
    json (1.8.0)
    jwt (0.1.8)
      multi_json (>= 1.5)
    levenshtein (0.2.2)
    method_source (0.8.1)
    multi_json (1.7.5)
    multi_xml (0.5.4)
    multipart-post (1.2.0)
    nokogiri (1.5.9)
    oauth2 (0.8.1)
      faraday (~> 0.8)
      httpauth (~> 0.1)
      jwt (~> 0.1.4)
      multi_json (~> 1.0)
      rack (~> 1.2)
    pry (0.9.12)
      coderay (~> 1.0.5)
      method_source (~> 0.8)
      slop (~> 3.4)
    rack (1.5.2)
    rspec (2.13.0)
      rspec-core (~> 2.13.0)
      rspec-expectations (~> 2.13.0)
      rspec-mocks (~> 2.13.0)
    rspec-core (2.13.1)
    rspec-expectations (2.13.0)
      diff-lcs (>= 1.1.3, < 2.0)
    rspec-mocks (2.13.0)
    rubypython (0.6.3)
      blankslate (>= 2.1.2.3)
      ffi (>= 1.0.7)
    slop (3.4.4)
    tzinfo (0.3.37)

PLATFORMS
  ruby

DEPENDENCIES
  bitly
  calc
  cinch
  clockwork
  distribution
  gist
  levenshtein
  nokogiri
  pry
  rspec
  rubypython
