GEM
  remote: https://rubygems.org/
  remote: http://gems.github.com/
  specs:
    activesupport (3.2.13)
      i18n (= 0.6.1)
      multi_json (~> 1.0)
    calc (1.0.0)
    cinch (2.0.4)
    clockwork (0.5.2)
      activesupport
      tzinfo (~> 0.3.35)
    coderay (1.0.9)
    diff-lcs (1.2.2)
    distribution (0.7.0)
    i18n (0.6.1)
    levenshtein (0.2.2)
    method_source (0.8.1)
    multi_json (1.7.5)
    nokogiri (1.5.9)
    pry (0.9.12)
      coderay (~> 1.0.5)
      method_source (~> 0.8)
      slop (~> 3.4)
    rspec (2.13.0)
      rspec-core (~> 2.13.0)
      rspec-expectations (~> 2.13.0)
      rspec-mocks (~> 2.13.0)
    rspec-core (2.13.1)
    rspec-expectations (2.13.0)
      diff-lcs (>= 1.1.3, < 2.0)
    rspec-mocks (2.13.0)
    slop (3.4.4)
    tzinfo (0.3.37)

PLATFORMS
  ruby

DEPENDENCIES
  calc
  cinch
  clockwork
  distribution
  levenshtein
  nokogiri
  pry
  rspec
